PATH
  remote: .
  specs:
    onchain (5.18)
      bitcoin-ruby
      eth
      money-tree

GEM
  remote: https://rubygems.org/
  specs:
    addressable (2.5.1)
      public_suffix (~> 2.0, >= 2.0.2)
    bitcoin-ruby (0.0.18)
    crack (0.4.3)
      safe_yaml (~> 1.0.0)
    diff-lcs (1.3)
    digest-sha3 (1.1.0)
    eth (0.4.6)
      digest-sha3 (~> 1.1)
      ffi (~> 1.0)
      money-tree (~> 0.9)
      rlp (~> 0.7.3)
      scrypt (~> 3.0.5)
    ffi (1.9.25)
    ffi-compiler (1.0.1)
      ffi (>= 1.0.0)
      rake
    hashdiff (0.3.5)
    money-tree (0.10.0)
      ffi
    public_suffix (2.0.5)
    rake (12.0.0)
    rlp (0.7.3)
    rspec (3.1.0)
      rspec-core (~> 3.1.0)
      rspec-expectations (~> 3.1.0)
      rspec-mocks (~> 3.1.0)
    rspec-core (3.1.7)
      rspec-support (~> 3.1.0)
    rspec-expectations (3.1.2)
      diff-lcs (>= 1.2.0, < 2.0)
      rspec-support (~> 3.1.0)
    rspec-mocks (3.1.3)
      rspec-support (~> 3.1.0)
    rspec-support (3.1.2)
    safe_yaml (1.0.4)
    scrypt (3.0.5)
      ffi-compiler (>= 1.0, < 2.0)
    vcr (3.0.3)
    webmock (3.0.1)
      addressable (>= 2.3.6)
      crack (>= 0.3.2)
      hashdiff

PLATFORMS
  ruby

DEPENDENCIES
  onchain!
  rake
  rspec (~> 3.1.0)
  vcr
  webmock

BUNDLED WITH
   1.16.1
